GEM
  remote: https://rubygems.org/
  specs:
    bindata (2.4.15)
    minitest (5.25.4)
    nio4r (2.7.4)
    rake (13.2.1)

PLATFORMS
  aarch64-linux-musl
  arm64-darwin-21
  arm64-darwin-24
  x86_64-linux

DEPENDENCIES
  bindata (~> 2.4)
  minitest (~> 5.25)
  nio4r (~> 2.7)
  rake (~> 13.2)

BUNDLED WITH
   2.6.2
